GIT
  remote: https://github.com/openaustralia/marker
  revision: aa7ce8589f3e2a26a0b78282fe82fce9fb85dfcb
  ref: aa7ce85
  branch: publicwhip
  specs:
    marker (0.4.0)
      treetop (~> 1.4)

GEM
  remote: https://rubygems.org/
  specs:
    actioncable (5.0.7.2)
      actionpack (= 5.0.7.2)
      nio4r (>= 1.2, < 3.0)
      websocket-driver (~> 0.6.1)
    actionmailer (5.0.7.2)
      actionpack (= 5.0.7.2)
      actionview (= 5.0.7.2)
      activejob (= 5.0.7.2)
      mail (~> 2.5, >= 2.5.4)
      rails-dom-testing (~> 2.0)
    actionpack (5.0.7.2)
      actionview (= 5.0.7.2)
      activesupport (= 5.0.7.2)
      rack (~> 2.0)
      rack-test (~> 0.6.3)
      rails-dom-testing (~> 2.0)
      rails-html-sanitizer (~> 1.0, >= 1.0.2)
    actionview (5.0.7.2)
      activesupport (= 5.0.7.2)
      builder (~> 3.1)
      erubis (~> 2.7.0)
      rails-dom-testing (~> 2.0)
      rails-html-sanitizer (~> 1.0, >= 1.0.3)
    activejob (5.0.7.2)
      activesupport (= 5.0.7.2)
      globalid (>= 0.3.6)
    activemodel (5.0.7.2)
      activesupport (= 5.0.7.2)
    activerecord (5.0.7.2)
      activemodel (= 5.0.7.2)
      activesupport (= 5.0.7.2)
      arel (~> 7.0)
    activesupport (5.0.7.2)
      concurrent-ruby (~> 1.0, >= 1.0.2)
      i18n (>= 0.7, < 2)
      minitest (~> 5.1)
      tzinfo (~> 1.1)
    addressable (2.7.0)
      public_suffix (>= 2.0.2, < 5.0)
    airbrussh (1.4.0)
      sshkit (>= 1.6.1, != 1.7.0)
    arel (7.1.4)
    ast (2.4.2)
    attribute-defaults (0.9.0)
      activerecord (>= 5.0.0, < 7.0.0)
    autoprefixer-rails (10.2.4.0)
      execjs
    bcrypt (3.1.16)
    better_errors (2.9.1)
      coderay (>= 1.0.0)
      erubi (>= 1.0.0)
      rack (>= 0.9.0)
    binding_of_caller (1.0.0)
      debug_inspector (>= 0.0.1)
    bootstrap-sass (3.3.1.0)
      sass (~> 3.2)
    bootstrap-select-rails (1.13.8)
    brakeman (5.0.0)
    builder (3.2.4)
    capistrano (3.7.2)
      airbrussh (>= 1.0.0)
      capistrano-harrow
      i18n
      rake (>= 10.0.0)
      sshkit (>= 1.9.0)
    capistrano-bundler (2.0.1)
      capistrano (~> 3.1)
    capistrano-harrow (0.5.3)
    capistrano-maintenance (1.2.1)
      capistrano (>= 3.0)
    capistrano-rails (1.6.1)
      capistrano (~> 3.1)
      capistrano-bundler (>= 1.1, < 3)
    capistrano-rvm (0.1.2)
      capistrano (~> 3.0)
      sshkit (~> 1.2)
    capybara (3.35.3)
      addressable
      mini_mime (>= 0.1.3)
      nokogiri (~> 1.8)
      rack (>= 1.6.0)
      rack-test (>= 0.6.3)
      regexp_parser (>= 1.5, < 3.0)
      xpath (~> 3.2)
    codeclimate-test-reporter (1.0.9)
      simplecov (<= 0.13)
    coderay (1.1.3)
    coffee-rails (4.2.2)
      coffee-script (>= 2.2.0)
      railties (>= 4.0.0)
    coffee-script (2.4.1)
      coffee-script-source
      execjs
    coffee-script-source (1.12.2)
    concurrent-ruby (1.1.8)
    config (3.1.0)
      deep_merge (~> 1.2, >= 1.2.1)
      dry-validation (~> 1.0, >= 1.0.0)
    connection_pool (2.2.5)
    crack (0.4.5)
      rexml
    crass (1.0.6)
    daemons (1.3.1)
    dalli (2.7.11)
    debug_inspector (1.1.0)
    deep_merge (1.2.1)
    delayed_job (4.1.9)
      activesupport (>= 3.0, < 6.2)
    delayed_job_active_record (4.1.6)
      activerecord (>= 3.0, < 6.2)
      delayed_job (>= 3.0, < 5)
    devise (4.7.3)
      bcrypt (~> 3.0)
      orm_adapter (~> 0.1)
      railties (>= 4.1.0)
      responders
      warden (~> 1.2.3)
    diff-lcs (1.4.4)
    diffy (3.4.0)
    docile (1.1.5)
    domain_name (0.5.20190701)
      unf (>= 0.0.5, < 1.0.0)
    dry-configurable (0.12.1)
      concurrent-ruby (~> 1.0)
      dry-core (~> 0.5, >= 0.5.0)
    dry-container (0.7.2)
      concurrent-ruby (~> 1.0)
      dry-configurable (~> 0.1, >= 0.1.3)
    dry-core (0.5.0)
      concurrent-ruby (~> 1.0)
    dry-equalizer (0.3.0)
    dry-inflector (0.2.0)
    dry-initializer (3.0.4)
    dry-logic (1.1.1)
      concurrent-ruby (~> 1.0)
      dry-core (~> 0.5, >= 0.5)
    dry-schema (1.6.2)
      concurrent-ruby (~> 1.0)
      dry-configurable (~> 0.8, >= 0.8.3)
      dry-core (~> 0.5, >= 0.5)
      dry-initializer (~> 3.0)
      dry-logic (~> 1.0)
      dry-types (~> 1.5)
    dry-types (1.5.1)
      concurrent-ruby (~> 1.0)
      dry-container (~> 0.3)
      dry-core (~> 0.5, >= 0.5)
      dry-inflector (~> 0.1, >= 0.1.2)
      dry-logic (~> 1.0, >= 1.0.2)
    dry-validation (1.6.0)
      concurrent-ruby (~> 1.0)
      dry-container (~> 0.7, >= 0.7.1)
      dry-core (~> 0.4)
      dry-equalizer (~> 0.2)
      dry-initializer (~> 3.0)
      dry-schema (~> 1.5, >= 1.5.2)
    elasticsearch (7.12.0)
      elasticsearch-api (= 7.12.0)
      elasticsearch-transport (= 7.12.0)
    elasticsearch-api (7.12.0)
      multi_json
    elasticsearch-transport (7.12.0)
      faraday (~> 1)
      multi_json
    em-websocket (0.5.2)
      eventmachine (>= 0.12.9)
      http_parser.rb (~> 0.6.0)
    email_spec (2.2.0)
      htmlentities (~> 4.3.3)
      launchy (~> 2.1)
      mail (~> 2.7)
    erubi (1.10.0)
    erubis (2.7.0)
    ethon (0.13.0)
      ffi (>= 1.15.0)
    eventmachine (1.2.7)
    execjs (2.7.0)
    factory_bot (6.1.0)
      activesupport (>= 5.0.0)
    factory_bot_rails (6.1.0)
      factory_bot (~> 6.1.0)
      railties (>= 5.0.0)
    faraday (1.4.1)
      faraday-excon (~> 1.1)
      faraday-net_http (~> 1.0)
      faraday-net_http_persistent (~> 1.1)
      multipart-post (>= 1.2, < 3)
      ruby2_keywords (>= 0.0.4)
    faraday-excon (1.1.0)
    faraday-net_http (1.0.1)
    faraday-net_http_persistent (1.1.0)
    ffi (1.15.0)
    foreman (0.87.2)
    formatador (0.2.5)
    foundation-icons-sass-rails (3.0.0)
      railties (>= 3.1.1)
      sass-rails (>= 3.1.1)
    fuubar (2.5.1)
      rspec-core (~> 3.0)
      ruby-progressbar (~> 1.4)
    globalid (0.4.2)
      activesupport (>= 4.2.0)
    guard (2.16.2)
      formatador (>= 0.2.4)
      listen (>= 2.7, < 4.0)
      lumberjack (>= 1.0.12, < 2.0)
      nenv (~> 0.1)
      notiffany (~> 0.0)
      pry (>= 0.9.12)
      shellany (~> 0.0)
      thor (>= 0.18.1)
    guard-compat (1.2.1)
    guard-livereload (2.5.2)
      em-websocket (~> 0.5)
      guard (~> 2.8)
      guard-compat (~> 1.0)
      multi_json (~> 1.8)
    guard-rspec (4.7.3)
      guard (~> 2.1)
      guard-compat (~> 1.1)
      rspec (>= 2.99.0, < 4.0)
    guard-rubocop (1.4.0)
      guard (~> 2.0)
      rubocop (< 2.0)
    haml (5.2.1)
      temple (>= 0.8.0)
      tilt
    hashdiff (1.0.1)
    hashie (4.1.0)
    honeybadger (4.8.0)
    htmlentities (4.3.4)
    http-cookie (1.0.3)
      domain_name (~> 0.5)
    http_parser.rb (0.6.0)
    i18n (1.8.10)
      concurrent-ruby (~> 1.0)
    invisible_captcha (2.0.0)
      rails (>= 5.0)
    jbuilder (1.5.3)
      activesupport (>= 3.0.0)
      multi_json (>= 1.2.0)
    jquery-rails (4.4.0)
      rails-dom-testing (>= 1, < 3)
      railties (>= 4.2.0)
      thor (>= 0.14, < 2.0)
    json (2.5.1)
    launchy (2.5.0)
      addressable (~> 2.7)
    libv8-node (15.14.0.0)
    listen (3.5.1)
      rb-fsevent (~> 0.10, >= 0.10.3)
      rb-inotify (~> 0.9, >= 0.9.10)
    loofah (2.9.1)
      crass (~> 1.0.2)
      nokogiri (>= 1.5.9)
    lumberjack (1.2.8)
    mail (2.7.1)
      mini_mime (>= 0.1.1)
    mailcatcher (0.2.4)
      eventmachine
      haml
      i18n
      json
      mail
      sinatra
      skinny (>= 0.1.2)
      sqlite3-ruby
      thin
    marked-rails (0.3.2.0)
    mechanize (2.8.0)
      addressable (~> 2.7)
      domain_name (~> 0.5, >= 0.5.20190701)
      http-cookie (~> 1.0, >= 1.0.3)
      mime-types (~> 3.0)
      net-http-digest_auth (~> 1.4, >= 1.4.1)
      net-http-persistent (>= 2.5.2, < 5.0.dev)
      nokogiri (~> 1.11, >= 1.11.2)
      rubyntlm (~> 0.6, >= 0.6.3)
      webrick (~> 1.7)
      webrobots (~> 0.1.2)
    meta-tags (2.14.0)
      actionpack (>= 3.2.0, < 6.2)
    method_source (1.0.0)
    mime-types (3.3.1)
      mime-types-data (~> 3.2015)
    mime-types-data (3.2021.0225)
    mina (1.2.3)
      open4 (~> 1.3.4)
      rake
    mina-multistage (1.0.3)
      mina (~> 1.0)
    mini_mime (1.1.0)
    mini_portile2 (2.5.1)
    mini_racer (0.4.0)
      libv8-node (~> 15.14.0.0)
    minitest (5.14.4)
    multi_json (1.15.0)
    multipart-post (2.1.1)
    mustermann (1.1.1)
      ruby2_keywords (~> 0.0.1)
    mysql2 (0.5.3)
    nenv (0.3.0)
    net-http-digest_auth (1.4.1)
    net-http-persistent (4.0.1)
      connection_pool (~> 2.2)
    net-scp (3.0.0)
      net-ssh (>= 2.6.5, < 7.0.0)
    net-ssh (6.1.0)
    newrelic_rpm (6.15.0)
    nio4r (2.5.7)
    nokogiri (1.11.4)
      mini_portile2 (~> 2.5.0)
      racc (~> 1.4)
    notiffany (0.1.3)
      nenv (~> 0.1)
      shellany (~> 0.0)
    numbers_and_words (0.10.6)
      activesupport
      i18n
    open4 (1.3.4)
    orm_adapter (0.5.0)
    paper_trail (4.2.0)
      activerecord (>= 3.0, < 6.0)
      activesupport (>= 3.0, < 6.0)
      request_store (~> 1.1)
    parallel (1.20.1)
    parser (3.0.1.0)
      ast (~> 2.4.1)
    polyglot (0.3.5)
    pry (0.14.1)
      coderay (~> 1.1)
      method_source (~> 1.0)
    public_suffix (4.0.6)
    racc (1.5.2)
    rack (2.2.3)
    rack-cors (1.1.1)
      rack (>= 2.0.0)
    rack-livereload (0.3.17)
      rack
    rack-mini-profiler (2.3.1)
      rack (>= 1.2.0)
    rack-protection (2.1.0)
      rack
    rack-test (0.6.3)
      rack (>= 1.0)
    rails (5.0.7.2)
      actioncable (= 5.0.7.2)
      actionmailer (= 5.0.7.2)
      actionpack (= 5.0.7.2)
      actionview (= 5.0.7.2)
      activejob (= 5.0.7.2)
      activemodel (= 5.0.7.2)
      activerecord (= 5.0.7.2)
      activesupport (= 5.0.7.2)
      bundler (>= 1.3.0)
      railties (= 5.0.7.2)
      sprockets-rails (>= 2.0.0)
    rails-controller-testing (1.0.5)
      actionpack (>= 5.0.1.rc1)
      actionview (>= 5.0.1.rc1)
      activesupport (>= 5.0.1.rc1)
    rails-dom-testing (2.0.3)
      activesupport (>= 4.2.0)
      nokogiri (>= 1.6)
    rails-html-sanitizer (1.3.0)
      loofah (~> 2.3)
    railties (5.0.7.2)
      actionpack (= 5.0.7.2)
      activesupport (= 5.0.7.2)
      method_source
      rake (>= 0.8.7)
      thor (>= 0.18.1, < 2.0)
    rainbow (3.0.0)
    rake (13.0.3)
    ranker (1.1.4)
    rb-fsevent (0.10.4)
    rb-inotify (0.10.1)
      ffi (~> 1.0)
    rdoc (6.3.0)
    redcarpet (3.5.1)
    regexp_parser (2.1.1)
    request_store (1.5.0)
      rack (>= 1.4)
    responders (3.0.1)
      actionpack (>= 5.0)
      railties (>= 5.0)
    reverse_markdown (2.0.0)
      nokogiri
    rexml (3.2.5)
    rspec (3.9.0)
      rspec-core (~> 3.9.0)
      rspec-expectations (~> 3.9.0)
      rspec-mocks (~> 3.9.0)
    rspec-activemodel-mocks (1.1.0)
      activemodel (>= 3.0)
      activesupport (>= 3.0)
      rspec-mocks (>= 2.99, < 4.0)
    rspec-core (3.9.3)
      rspec-support (~> 3.9.3)
    rspec-expectations (3.9.4)
      diff-lcs (>= 1.2.0, < 2.0)
      rspec-support (~> 3.9.0)
    rspec-mocks (3.9.1)
      diff-lcs (>= 1.2.0, < 2.0)
      rspec-support (~> 3.9.0)
    rspec-rails (3.9.1)
      actionpack (>= 3.0)
      activesupport (>= 3.0)
      railties (>= 3.0)
      rspec-core (~> 3.9.0)
      rspec-expectations (~> 3.9.0)
      rspec-mocks (~> 3.9.0)
      rspec-support (~> 3.9.0)
    rspec-support (3.9.4)
    rubocop (1.13.0)
      parallel (~> 1.10)
      parser (>= 3.0.0.0)
      rainbow (>= 2.2.2, < 4.0)
      regexp_parser (>= 1.8, < 3.0)
      rexml
      rubocop-ast (>= 1.2.0, < 2.0)
      ruby-progressbar (~> 1.7)
      unicode-display_width (>= 1.4.0, < 3.0)
    rubocop-ast (1.4.1)
      parser (>= 2.7.1.5)
    ruby-progressbar (1.11.0)
    ruby2_keywords (0.0.4)
    ruby_parser (3.15.1)
      sexp_processor (~> 4.9)
    rubyntlm (0.6.3)
    safe_attributes (1.0.10)
      activerecord (>= 3.0.0)
    sass (3.7.4)
      sass-listen (~> 4.0.0)
    sass-listen (4.0.0)
      rb-fsevent (~> 0.9, >= 0.9.4)
      rb-inotify (~> 0.9, >= 0.9.7)
    sass-rails (6.0.0)
      sassc-rails (~> 2.1, >= 2.1.1)
    sassc (2.4.0)
      ffi (~> 1.9)
    sassc-rails (2.1.2)
      railties (>= 4.0.0)
      sassc (>= 2.0)
      sprockets (> 3.0)
      sprockets-rails
      tilt
    sdoc (2.1.0)
      rdoc (>= 5.0)
    searchkick (1.5.1)
      activemodel
      elasticsearch (>= 1)
      hashie
    seed_dump (3.3.1)
      activerecord (>= 4)
      activesupport (>= 4)
    sexp_processor (4.15.2)
    shellany (0.0.1)
    simple_form (3.5.1)
      actionpack (> 4, < 5.2)
      activemodel (> 4, < 5.2)
    simplecov (0.13.0)
      docile (~> 1.1.0)
      json (>= 1.8, < 3)
      simplecov-html (~> 0.10.0)
    simplecov-html (0.10.2)
    sinatra (2.1.0)
      mustermann (~> 1.0)
      rack (~> 2.2)
      rack-protection (= 2.1.0)
      tilt (~> 2.0)
    skinny (0.2.2)
      eventmachine (~> 1.0)
      thin
    sprockets (3.7.2)
      concurrent-ruby (~> 1.0)
      rack (> 1, < 3)
    sprockets-rails (3.2.2)
      actionpack (>= 4.0)
      activesupport (>= 4.0)
      sprockets (>= 3.0.0)
    sqlite3 (1.4.2)
    sqlite3-ruby (1.3.3)
      sqlite3 (>= 1.3.3)
    sshkit (1.21.2)
      net-scp (>= 1.1.2)
      net-ssh (>= 2.8.0)
    temple (0.8.2)
    thin (1.8.0)
      daemons (~> 1.0, >= 1.0.9)
      eventmachine (~> 1.0, >= 1.0.4)
      rack (>= 1, < 3)
    thor (1.1.0)
    thread_safe (0.3.6)
    tilt (2.0.10)
    timecop (0.9.4)
    treetop (1.6.11)
      polyglot (~> 0.3)
    turbolinks (5.2.1)
      turbolinks-source (~> 5.2)
    turbolinks-source (5.2.0)
    typhoeus (1.4.0)
      ethon (>= 0.9.0)
    tzinfo (1.2.9)
      thread_safe (~> 0.1)
    uglifier (4.2.0)
      execjs (>= 0.3.0, < 3)
    unf (0.1.4)
      unf_ext
    unf_ext (0.0.7.7)
    unicode-display_width (2.0.0)
    vcr (6.0.0)
    warden (1.2.9)
      rack (>= 2.0.9)
    webmock (3.12.2)
      addressable (>= 2.3.6)
      crack (>= 0.3.2)
      hashdiff (>= 0.4.0, < 2.0.0)
    webrick (1.7.0)
    webrobots (0.1.2)
    websocket-driver (0.6.5)
      websocket-extensions (>= 0.1.0)
    websocket-extensions (0.1.5)
    xpath (3.2.0)
      nokogiri (~> 1.8)

PLATFORMS
  ruby

DEPENDENCIES
  attribute-defaults
  autoprefixer-rails
  better_errors
  binding_of_caller
  bootstrap-sass (= 3.3.1.0)
  bootstrap-select-rails
  brakeman
  capistrano (= 3.7.2)
  capistrano-maintenance (~> 1.0)
  capistrano-rails (~> 1.1)
  capistrano-rvm
  capybara
  codeclimate-test-reporter
  coffee-rails
  config
  dalli
  delayed_job_active_record
  devise
  diffy
  email_spec
  factory_bot_rails
  foreman
  foundation-icons-sass-rails
  fuubar
  guard
  guard-livereload
  guard-rspec
  guard-rubocop
  haml
  honeybadger
  htmlentities
  invisible_captcha
  jbuilder (~> 1.2)
  jquery-rails
  mailcatcher
  marked-rails
  marker!
  mechanize
  meta-tags
  mina
  mina-multistage
  mini_racer
  mysql2
  newrelic_rpm
  nokogiri (>= 1.6.7.2)
  numbers_and_words (~> 0.10.0)
  paper_trail (~> 4)
  rack-cors
  rack-livereload
  rack-mini-profiler
  rails (= 5.0.7.2)
  rails-controller-testing
  ranker
  redcarpet
  reverse_markdown
  rspec-activemodel-mocks
  rspec-rails (~> 3.5)
  rubocop
  ruby_parser
  safe_attributes
  sass-rails
  sdoc
  searchkick (<= 1.5.1)
  seed_dump
  simple_form (~> 3)
  sprockets (< 4)
  timecop
  turbolinks
  typhoeus
  uglifier (>= 2.7.2)
  vcr
  webmock

BUNDLED WITH
   1.17.3
